PATH
  remote: .
  specs:
    mmi (0.1.0)
      cli-ui (~> 1.4)
      github_api (~> 0.19)
      semver2 (~> 3.4)

GEM
  remote: https://rubygems.org/
  specs:
    addressable (2.7.0)
      public_suffix (>= 2.0.2, < 5.0)
    cli-ui (1.4.0)
    coderay (1.1.3)
    descendants_tracker (0.0.4)
      thread_safe (~> 0.3, >= 0.3.1)
    faraday (1.3.0)
      faraday-net_http (~> 1.0)
      multipart-post (>= 1.2, < 3)
      ruby2_keywords
    faraday-net_http (1.0.1)
    github_api (0.19.0)
      addressable (~> 2.4)
      descendants_tracker (~> 0.0.4)
      faraday (>= 0.8, < 2)
      hashie (~> 3.5, >= 3.5.2)
      oauth2 (~> 1.0)
    hashie (3.6.0)
    jwt (2.2.2)
    method_source (1.0.0)
    multi_json (1.15.0)
    multi_xml (0.6.0)
    multipart-post (2.1.1)
    oauth2 (1.4.7)
      faraday (>= 0.8, < 2.0)
      jwt (>= 1.0, < 3.0)
      multi_json (~> 1.3)
      multi_xml (~> 0.5)
      rack (>= 1.2, < 3)
    pry (0.13.1)
      coderay (~> 1.1)
      method_source (~> 1.0)
    public_suffix (4.0.6)
    rack (2.2.3)
    rake (13.0.3)
    ruby2_keywords (0.0.4)
    semver2 (3.4.2)
    thread_safe (0.3.6)

PLATFORMS
  ruby

DEPENDENCIES
  bundler (~> 2.2)
  mmi!
  pry (~> 0.13)
  rake (~> 13.0)

BUNDLED WITH
   2.2.3
