GEM
  remote: https://rubygems.org/
  specs:
    coderay (1.1.3)
    date (3.1.0)
    fileutils (1.5.0)
    method_source (1.0.0)
    open-uri (0.1.0)
      stringio
      time
      uri
    pry (0.13.1)
      coderay (~> 1.1)
      method_source (~> 1.0)
    psych (3.3.1)
    stringio (3.0.0)
    time (0.1.0)
      date
    uri (0.10.1)

PLATFORMS
  ruby

DEPENDENCIES
  fileutils
  open-uri
  pry
  psych

BUNDLED WITH
   2.2.3
